GEM
  remote: https://rubygems.org/
  specs:
    caxlsx (3.3.0)
      htmlentities (~> 4.3, >= 4.3.4)
      marcel (~> 1.0)
      nokogiri (~> 1.10, >= 1.10.4)
      rubyzip (>= 1.3.0, < 3)
    htmlentities (4.3.4)
    marcel (1.0.2)
    nokogiri (1.14.2-x64-mingw-ucrt)
      racc (~> 1.4)
    racc (1.6.2)
    rubyzip (2.3.2)

PLATFORMS
  x64-mingw-ucrt

DEPENDENCIES
  caxlsx (~> 3.3)

BUNDLED WITH
   2.4.8
