GEM
  remote: https://rubygems.org/
  specs:
    axlsx (1.3.6)
      htmlentities (~> 4.3.1)
      nokogiri (>= 1.4.1)
      rubyzip (>= 0.9.5)
    htmlentities (4.3.4)
    nokogiri (1.14.2-x64-mingw-ucrt)
      racc (~> 1.4)
    nokogiri (1.14.2-x86_64-linux)
      racc (~> 1.4)
    pkg-config (1.5.1)
    racc (1.6.2)
    rmagick (5.2.0)
      pkg-config (~> 1.4)
    rubyzip (2.3.2)
    zip-zip (0.3)
      rubyzip (>= 1.0.0)

PLATFORMS
  x64-mingw-ucrt
  x86_64-linux

DEPENDENCIES
  axlsx (~> 1.3)
  rmagick (~> 5.2)
  zip-zip (~> 0.3)

BUNDLED WITH
   2.4.8
